PATH
  remote: .
  specs:
    pub_suber (0.1.0)
      google-cloud-pubsub

GEM
  remote: https://rubygems.org/
  specs:
    addressable (2.5.0)
      public_suffix (~> 2.0, >= 2.0.2)
    ast (2.3.0)
    coderay (1.1.1)
    diff-lcs (1.3)
    docile (1.1.5)
    faraday (0.11.0)
      multipart-post (>= 1.2, < 3)
    google-cloud-core (0.21.1)
      googleauth (~> 0.5.1)
    google-cloud-pubsub (0.22.0)
      google-cloud-core (~> 0.21.0)
      google-gax (~> 0.6.0)
      google-protobuf (~> 3.0)
      googleapis-common-protos (~> 1.3)
      grpc (~> 1.0)
      grpc-google-iam-v1 (~> 0.6.8)
    google-gax (0.6.0)
      googleapis-common-protos (~> 1.3.1)
      googleauth (~> 0.5.1)
      grpc (~> 1.0)
      rly (~> 0.2.3)
    google-protobuf (3.0.2)
    googleapis-common-protos (1.3.4)
      google-protobuf (~> 3.0)
      grpc (~> 1.0)
    googleauth (0.5.1)
      faraday (~> 0.9)
      jwt (~> 1.4)
      logging (~> 2.0)
      memoist (~> 0.12)
      multi_json (~> 1.11)
      os (~> 0.9)
      signet (~> 0.7)
    grpc (1.0.1)
      google-protobuf (~> 3.0.2)
      googleauth (~> 0.5.1)
    grpc-google-iam-v1 (0.6.8)
      googleapis-common-protos (~> 1.3.1)
      googleauth (~> 0.5.1)
      grpc (~> 1.0)
    json (2.0.3)
    jwt (1.5.6)
    little-plugger (1.1.4)
    logging (2.1.0)
      little-plugger (~> 1.1)
      multi_json (~> 1.10)
    memoist (0.15.0)
    method_source (0.8.2)
    multi_json (1.12.1)
    multipart-post (2.0.0)
    os (0.9.6)
    parser (2.3.3.1)
      ast (~> 2.2)
    powerpack (0.1.1)
    pry (0.10.4)
      coderay (~> 1.1.0)
      method_source (~> 0.8.1)
      slop (~> 3.4)
    public_suffix (2.0.5)
    rainbow (2.2.1)
    rake (10.5.0)
    rly (0.2.3)
    rspec (3.5.0)
      rspec-core (~> 3.5.0)
      rspec-expectations (~> 3.5.0)
      rspec-mocks (~> 3.5.0)
    rspec-core (3.5.4)
      rspec-support (~> 3.5.0)
    rspec-expectations (3.5.0)
      diff-lcs (>= 1.2.0, < 2.0)
      rspec-support (~> 3.5.0)
    rspec-its (1.2.0)
      rspec-core (>= 3.0.0)
      rspec-expectations (>= 3.0.0)
    rspec-mocks (3.5.0)
      diff-lcs (>= 1.2.0, < 2.0)
      rspec-support (~> 3.5.0)
    rspec-support (3.5.0)
    rubocop (0.47.1)
      parser (>= 2.3.3.1, < 3.0)
      powerpack (~> 0.1)
      rainbow (>= 1.99.1, < 3.0)
      ruby-progressbar (~> 1.7)
      unicode-display_width (~> 1.0, >= 1.0.1)
    ruby-progressbar (1.8.1)
    signet (0.7.3)
      addressable (~> 2.3)
      faraday (~> 0.9)
      jwt (~> 1.5)
      multi_json (~> 1.10)
    simplecov (0.13.0)
      docile (~> 1.1.0)
      json (>= 1.8, < 3)
      simplecov-html (~> 0.10.0)
    simplecov-html (0.10.0)
    slop (3.6.0)
    unicode-display_width (1.1.3)

PLATFORMS
  ruby

DEPENDENCIES
  bundler (~> 1.13)
  pry (~> 0.10)
  pub_suber!
  rake (~> 10.0)
  rspec (~> 3.0)
  rspec-its (~> 1.2)
  rubocop (~> 0.46)
  simplecov (~> 0.12)

BUNDLED WITH
   1.13.6
